GEM
  remote: https://rubygems.org/
  specs:
    algoliasearch (1.4.3)
      httpclient (~> 2.4)
      json (>= 1.5.1)
    httpclient (2.6.0.1)
    json (1.8.2)

PLATFORMS
  ruby

DEPENDENCIES
  algoliasearch
